PATH
  remote: ../police-vminfo
  specs:
    police-vminfo (0.0.3)

GEM
  remote: http://rubygems.org/
  specs:
    git (1.2.5)
    jeweler (1.8.4)
      bundler (~> 1.0)
      git (>= 1.2.5)
      rake
      rdoc
    json (1.7.7)
    minitest (4.7.4)
    multi_json (1.7.3)
    rake (10.0.4)
    rdoc (4.0.1)
      json (~> 1.4)
    simplecov (0.7.1)
      multi_json (~> 1.0)
      simplecov-html (~> 0.7.1)
    simplecov-html (0.7.1)
    yard (0.8.6.1)

PLATFORMS
  ruby

DEPENDENCIES
  bundler (>= 1.1.0)
  jeweler (>= 1.8.3)
  minitest (>= 2.11.2)
  police-vminfo (>= 0.0.2)!
  rdoc (>= 3.12)
  simplecov (>= 0.6.1)
  yard (>= 0.7)
